PATH
  remote: .
  specs:
    barkeep (0.2.3)
      json

GEM
  remote: https://rubygems.org/
  specs:
    json (1.8.1)
    mocha (0.9.12)
    rake (10.0.4)
    shoulda (2.11.3)

PLATFORMS
  ruby

DEPENDENCIES
  barkeep!
  mocha (>= 0.9.12)
  rake
  shoulda
